GEM
  remote: http://rubygems.org/
  specs:
    ZenTest (4.4.2)
    git (1.2.5)
    jeweler (1.5.2)
      bundler (~> 1.0.0)
      git (>= 1.2.5)
      rake
    rack (1.2.1)
    rake (0.8.7)
    rcov (0.9.9)
    yard (0.6.4)

PLATFORMS
  ruby

DEPENDENCIES
  ZenTest
  bundler (~> 1.0.0)
  jeweler (~> 1.5.2)
  rack
  rcov
  yard (~> 0.6.0)
